GEM
  remote: https://rubygems.org/
  specs:
    activesupport (7.1.3.3)
      base64
      bigdecimal
      concurrent-ruby (~> 1.0, >= 1.0.2)
      connection_pool (>= 2.2.5)
      drb
      i18n (>= 1.6, < 2)
      minitest (>= 5.1)
      mutex_m
      tzinfo (~> 2.0)
    addressable (2.8.6)
      public_suffix (>= 2.0.2, < 6.0)
    ast (2.4.2)
    base64 (0.2.0)
    bigdecimal (3.1.8)
    concurrent-ruby (1.3.1)
    connection_pool (2.4.1)
    csv (0.1.0)
    diff-lcs (1.5.1)
    docker-api (2.2.0)
      excon (>= 0.47.0)
      multi_json
    drb (2.2.1)
    excon (0.104.0)
    git (2.1.1)
      activesupport (>= 5.0)
      addressable (~> 2.8)
      process_executer (~> 1.1)
      rchardet (~> 1.8)
    gitlab (4.20.1)
      httparty (~> 0.20)
      terminal-table (>= 1.5.1)
    httparty (0.22.0)
      csv
      mini_mime (>= 1.0.0)
      multi_xml (>= 0.5.2)
    i18n (1.14.5)
      concurrent-ruby (~> 1.0)
    json (2.7.2)
    language_server-protocol (3.17.0.3)
    mini_mime (1.1.5)
    minitest (5.23.1)
    multi_json (1.15.0)
    multi_xml (0.7.1)
      bigdecimal (~> 3.1)
    mutex_m (0.2.0)
    parallel (1.25.1)
    parser (3.3.3.0)
      ast (~> 2.4.1)
      racc
    process_executer (1.1.0)
    public_suffix (5.0.5)
    racc (1.8.0)
    rainbow (3.1.1)
    rchardet (1.8.0)
    regexp_parser (2.9.2)
    rexml (3.3.0)
      strscan
    rspec (3.13.0)
      rspec-core (~> 3.13.0)
      rspec-expectations (~> 3.13.0)
      rspec-mocks (~> 3.13.0)
    rspec-core (3.13.0)
      rspec-support (~> 3.13.0)
    rspec-expectations (3.13.0)
      diff-lcs (>= 1.2.0, < 2.0)
      rspec-support (~> 3.13.0)
    rspec-mocks (3.13.0)
      diff-lcs (>= 1.2.0, < 2.0)
      rspec-support (~> 3.13.0)
    rspec-support (3.13.0)
    rubocop (1.64.1)
      json (~> 2.3)
      language_server-protocol (>= 3.17.0)
      parallel (~> 1.10)
      parser (>= 3.3.0.2)
      rainbow (>= 2.2.2, < 4.0)
      regexp_parser (>= 1.8, < 3.0)
      rexml (>= 3.2.5, < 4.0)
      rubocop-ast (>= 1.31.1, < 2.0)
      ruby-progressbar (~> 1.7)
      unicode-display_width (>= 2.4.0, < 3.0)
    rubocop-ast (1.31.3)
      parser (>= 3.3.1.0)
    rubocop-rspec (3.0.1)
      rubocop (~> 1.61)
    ruby-progressbar (1.13.0)
    strscan (3.1.0)
    terminal-table (3.0.2)
      unicode-display_width (>= 1.1.1, < 3)
    tzinfo (2.0.6)
      concurrent-ruby (~> 1.0)
    unicode-display_width (2.5.0)

PLATFORMS
  x86_64-linux

DEPENDENCIES
  docker-api (~> 2.2)
  git (~> 2.0)
  gitlab (~> 4.19)
  rspec (~> 3.12)
  rubocop (~> 1.57)
  rubocop-rspec (~> 3.0)

BUNDLED WITH
   2.4.12
